GEM
  remote: https://rubygems.org/
  specs:
    backports (3.10.3)
    byebug (8.2.5)
    coderay (1.1.2)
    json (2.1.0)
    method_source (0.9.0)
    multi_json (1.12.2)
    pry (0.11.3)
      coderay (~> 1.1.0)
      method_source (~> 0.9.0)
    pry-byebug (3.3.0)
      byebug (~> 8.0)
      pry (~> 0.10)
    rack (1.6.8)
    rack-protection (1.5.3)
      rack
    rack-test (0.8.2)
      rack (>= 1.0, < 3)
    rake (11.3.0)
    sequel (4.49.0)
    sinatra (1.4.8)
      rack (~> 1.5)
      rack-protection (~> 1.4)
      tilt (>= 1.3, < 3)
    sinatra-contrib (1.4.7)
      backports (>= 2.0)
      multi_json
      rack-protection
      rack-test
      sinatra (~> 1.4.0)
      tilt (>= 1.3, < 3)
    sqlite3 (1.3.13)
    tilt (2.0.8)

PLATFORMS
  ruby

DEPENDENCIES
  byebug (~> 8.2, >= 8.2.5)
  json
  pry
  pry-byebug
  rake (~> 11.1, >= 11.1.2)
  sequel (~> 4.34)
  sinatra (~> 1.4, >= 1.4.7)
  sinatra-contrib (~> 1.4, >= 1.4.7)
  sqlite3 (~> 1.3, >= 1.3.11)

BUNDLED WITH
   1.16.0
